GEM
  remote: http://rubygems.org/
  specs:
    addressable (2.3.2)
    bourbon (2.1.2)
      sass (>= 3.2)
      thor
    css_parser (1.2.6)
      addressable
      rdoc
    json (1.7.5)
    rake (0.9.2.2)
    rdoc (3.12)
      json (~> 1.4)
    sass (3.2.3)
    thor (0.16.0)

PLATFORMS
  ruby

DEPENDENCIES
  bourbon
  css_parser
  rake
  sass
